GEM
  remote: https://rubygems.org/
  specs:
    builder (3.3.0)
    diffy (3.4.4)
    excon (1.3.0)
      logger
    fog-core (2.6.0)
      builder
      excon (~> 1.0)
      formatador (>= 0.2, < 2.0)
      mime-types
    fog-json (1.2.0)
      fog-core
      multi_json (~> 1.10)
    fog-libvirt (0.13.2)
      fog-core (>= 1.27.4)
      fog-json
      fog-xml (~> 0.1.1)
      json
      ruby-libvirt (>= 0.7.0)
    fog-xml (0.1.5)
      fog-core
      nokogiri (>= 1.5.11, < 2.0.0)
    formatador (1.2.1)
      reline
    io-console (0.8.1)
    json (2.15.2)
    logger (1.7.0)
    mime-types (3.7.0)
      logger
      mime-types-data (~> 3.2025, >= 3.2025.0507)
    mime-types-data (3.2025.0924)
    multi_json (1.17.0)
    nokogiri (1.18.10-x86_64-linux-gnu)
      racc (~> 1.4)
    racc (1.8.1)
    reline (0.6.2)
      io-console (~> 0.5)
    rexml (3.4.4)
    ruby-libvirt (0.8.4)
    vagrant-libvirt (0.12.2)
      diffy
      fog-core (~> 2)
      fog-libvirt (>= 0.6.0)
      nokogiri (~> 1.6)
      rexml
      xml-simple
    xml-simple (1.1.9)
      rexml

PLATFORMS
  x86_64-linux

DEPENDENCIES
  vagrant-libvirt (~> 0.12.0)

BUNDLED WITH
   2.3.26
